ObjectType = Image
NDims = 3
BinaryData = True
BinaryDataByteOrderMSB = False
CompressedData = False
TransformMatrix = 1 0 0 0 1 0 0 0 1
Offset = -187.699997 -108.300003 -194
CenterOfRotation = 0 0 0
AnatomicalOrientation = RAI
ElementSpacing = 0.54882800579071045 0.54882800579071045 1.25
DimSize = 512 512 161
ElementType = MET_SHORT
ElementDataFile = 1.3.6.1.4.1.14519.5.2.1.6279.6001.109002525524522225658609808059.raw
